REDIRECTS: ON
RESTRICTION: || (== net20) (== net40) (== net45) (== net452)
NUGET
  remote: https://api.nuget.org/v3/index.json
    FSharp.Core (3.1.2.5)
    Microsoft.NETCore.Platforms (2.0) - restriction: || (&& (== net20) (== net452)) (&& (== net20) (>= monotouch)) (&& (== net20) (>= net45)) (&& (== net20) (>= net451)) (&& (== net20) (>= net46)) (&& (== net20) (>= net461)) (&& (== net20) (>= netcoreapp2.0)) (&& (== net20) (>= netstandard1.1)) (&& (== net20) (>= netstandard1.2)) (&& (== net20) (>= netstandard1.3)) (&& (== net20) (>= netstandard1.4)) (&& (== net20) (>= netstandard1.5)) (&& (== net20) (>= netstandard1.6)) (&& (== net20) (>= netstandard2.0)) (&& (== net20) (>= uap10.0)) (&& (== net20) (>= wpa81)) (&& (== net20) (>= xamarinios)) (&& (== net20) (>= xamarinmac)) (&& (== net20) (>= xamarintvos)) (&& (== net20) (>= xamarinwatchos)) (&& (== net40) (== net452)) (&& (== net40) (>= monotouch)) (&& (== net40) (>= net45)) (&& (== net40) (>= net451)) (&& (== net40) (>= net46)) (&& (== net40) (>= net461)) (&& (== net40) (>= netcoreapp2.0)) (&& (== net40) (>= netstandard1.1)) (&& (== net40) (>= netstandard1.2)) (&& (== net40) (>= netstandard1.3)) (&& (== net40) (>= netstandard1.4)) (&& (== net40) (>= netstandard1.5)) (&& (== net40) (>= netstandard1.6)) (&& (== net40) (>= netstandard2.0)) (&& (== net40) (>= uap10.0)) (&& (== net40) (>= wpa81)) (&& (== net40) (>= xamarinios)) (&& (== net40) (>= xamarinmac)) (&& (== net40) (>= xamarintvos)) (&& (== net40) (>= xamarinwatchos)) (== net45)
    NETStandard.Library (2.0.1) - restriction: || (&& (== net20) (== net452)) (&& (== net20) (>= netstandard1.1)) (&& (== net40) (== net452)) (&& (== net40) (>= netstandard1.1)) (== net45)
      Microsoft.NETCore.Platforms (>= 1.1) - restriction: || (&& (== net20) (>= monoandroid)) (&& (== net20) (>= monotouch)) (&& (== net20) (>= net45)) (&& (== net20) (>= net451)) (&& (== net20) (>= net46)) (&& (== net20) (>= net461)) (&& (== net20) (>= netcoreapp2.0)) (&& (== net20) (>= netstandard1.0)) (&& (== net20) (>= netstandard1.1)) (&& (== net20) (>= netstandard1.2)) (&& (== net20) (>= netstandard1.3)) (&& (== net20) (>= netstandard1.4)) (&& (== net20) (>= netstandard1.5)) (&& (== net20) (>= netstandard1.6)) (&& (== net20) (>= netstandard2.0)) (&& (== net20) (>= portable-net45+win8+wp8+wpa81)) (&& (== net20) (>= portable-net45+win8+wpa81)) (&& (== net20) (>= portable-net451+win81+wpa81)) (&& (== net20) (>= uap10.0)) (&& (== net20) (>= wpa81)) (&& (== net20) (>= xamarinios)) (&& (== net20) (>= xamarinmac)) (&& (== net20) (>= xamarintvos)) (&& (== net20) (>= xamarinwatchos)) (&& (== net40) (>= monoandroid)) (&& (== net40) (>= monotouch)) (&& (== net40) (>= net45)) (&& (== net40) (>= net451)) (&& (== net40) (>= net46)) (&& (== net40) (>= net461)) (&& (== net40) (>= netcoreapp2.0)) (&& (== net40) (>= netstandard1.0)) (&& (== net40) (>= netstandard1.1)) (&& (== net40) (>= netstandard1.2)) (&& (== net40) (>= netstandard1.3)) (&& (== net40) (>= netstandard1.4)) (&& (== net40) (>= netstandard1.5)) (&& (== net40) (>= netstandard1.6)) (&& (== net40) (>= netstandard2.0)) (&& (== net40) (>= portable-net45+win8+wp8+wpa81)) (&& (== net40) (>= portable-net45+win8+wpa81)) (&& (== net40) (>= portable-net451+win81+wpa81)) (&& (== net40) (>= uap10.0)) (&& (== net40) (>= wpa81)) (&& (== net40) (>= xamarinios)) (&& (== net40) (>= xamarinmac)) (&& (== net40) (>= xamarintvos)) (&& (== net40) (>= xamarinwatchos)) (== net45) (== net452)
      System.Runtime.InteropServices.RuntimeInformation (>= 4.3) - restriction: || (&& (== net20) (>= net45)) (&& (== net20) (>= net451)) (&& (== net20) (>= net46)) (&& (== net20) (>= netstandard1.1)) (&& (== net20) (>= netstandard1.2)) (&& (== net20) (>= netstandard1.3)) (&& (== net20) (>= netstandard1.4)) (&& (== net20) (>= netstandard1.5)) (&& (== net20) (>= netstandard1.6)) (&& (== net20) (>= portable-net45+win8+wpa81)) (&& (== net20) (>= portable-net451+win81+wpa81)) (&& (== net20) (>= uap10.0)) (&& (== net20) (>= wpa81)) (&& (== net40) (>= net45)) (&& (== net40) (>= net451)) (&& (== net40) (>= net46)) (&& (== net40) (>= netstandard1.1)) (&& (== net40) (>= netstandard1.2)) (&& (== net40) (>= netstandard1.3)) (&& (== net40) (>= netstandard1.4)) (&& (== net40) (>= netstandard1.5)) (&& (== net40) (>= netstandard1.6)) (&& (== net40) (>= portable-net45+win8+wpa81)) (&& (== net40) (>= portable-net451+win81+wpa81)) (&& (== net40) (>= uap10.0)) (&& (== net40) (>= wpa81)) (== net45) (== net452)
    NuGet.CommandLine (4.3)
    NUnit (2.6.4)
    System.Runtime.InteropServices.RuntimeInformation (4.3) - restriction: || (&& (== net20) (== net452)) (&& (== net20) (>= net45)) (&& (== net20) (>= net451)) (&& (== net20) (>= net46)) (&& (== net20) (>= netstandard1.1)) (&& (== net20) (>= netstandard1.2)) (&& (== net20) (>= netstandard1.3)) (&& (== net20) (>= netstandard1.4)) (&& (== net20) (>= netstandard1.5)) (&& (== net20) (>= netstandard1.6)) (&& (== net20) (>= uap10.0)) (&& (== net20) (>= wpa81)) (&& (== net40) (== net452)) (&& (== net40) (>= net45)) (&& (== net40) (>= net451)) (&& (== net40) (>= net46)) (&& (== net40) (>= netstandard1.1)) (&& (== net40) (>= netstandard1.2)) (&& (== net40) (>= netstandard1.3)) (&& (== net40) (>= netstandard1.4)) (&& (== net40) (>= netstandard1.5)) (&& (== net40) (>= netstandard1.6)) (&& (== net40) (>= uap10.0)) (&& (== net40) (>= wpa81)) (== net45)
    xunit (2.3.1)
      xunit.analyzers (>= 0.7)
      xunit.assert (2.3.1)
      xunit.core (2.3.1)
    xunit.abstractions (2.0.1) - restriction: || (&& (== net20) (>= netstandard1.1)) (&& (== net40) (>= netstandard1.1)) (== net45) (== net452)
    xunit.analyzers (0.7)
    xunit.assert (2.3.1)
      NETStandard.Library (>= 1.6.1) - restriction: || (&& (== net20) (>= netstandard1.1)) (&& (== net40) (>= netstandard1.1)) (== net45)
    xunit.core (2.3.1)
      xunit.extensibility.core (2.3.1)
      xunit.extensibility.execution (2.3.1)
    xunit.extensibility.core (2.3.1)
      NETStandard.Library (>= 1.6.1) - restriction: || (&& (== net20) (>= netstandard1.1)) (&& (== net40) (>= netstandard1.1)) (== net45)
      xunit.abstractions (>= 2.0.1) - restriction: || (&& (== net20) (>= netstandard1.1)) (&& (== net40) (>= netstandard1.1)) (== net45) (== net452)
    xunit.extensibility.execution (2.3.1)
      NETStandard.Library (>= 1.6.1) - restriction: || (&& (== net20) (>= netstandard1.1)) (&& (== net40) (>= netstandard1.1)) (== net45)
      xunit.extensibility.core (2.3.1) - restriction: || (&& (== net20) (>= netstandard1.1)) (&& (== net40) (>= netstandard1.1)) (== net45) (== net452)
    xunit.runner.visualstudio (2.3.1) - version_in_path: true
